GEM
  remote: https://rubygems.org/
  specs:
    colored2 (3.1.2)
    cri (2.15.6)
    faraday (0.14.0)
      multipart-post (>= 1.2, < 3)
    faraday_middleware (0.12.2)
      faraday (>= 0.7.4, < 1.0)
    fast_gettext (1.1.2)
    gettext (3.2.9)
      locale (>= 2.0.5)
      text (>= 1.3.0)
    gettext-setup (0.34)
      fast_gettext (~> 1.1.0)
      gettext (>= 3.0.2, < 3.3.0)
      locale
    locale (2.1.2)
    log4r (1.1.10)
    minitar (0.9)
    multi_json (1.14.1)
    multipart-post (2.1.1)
    puppet-lint (2.4.2)
    puppet_forge (2.3.1)
      faraday (>= 0.9.0, < 0.15.0, != 0.13.1)
      faraday_middleware (>= 0.9.0, < 0.13.0)
      gettext-setup (~> 0.11)
      minitar
      semantic_puppet (~> 1.0)
    r10k (3.4.0)
      colored2 (= 3.1.2)
      cri (= 2.15.6)
      gettext-setup (~> 0.24)
      log4r (= 1.1.10)
      multi_json (~> 1.10)
      puppet_forge (~> 2.3.0)
    semantic_puppet (1.0.2)
    text (1.3.1)

PLATFORMS
  ruby

DEPENDENCIES
  puppet-lint
  r10k

BUNDLED WITH
   1.17.3
